GEM
  remote: https://rubygems.org/
  specs:
    cgi (0.3.6)
    coderay (1.1.3)
    erb (4.0.2)
      cgi (>= 0.3.3)
    method_source (1.0.0)
    mini_portile2 (2.8.4)
    nio4r (2.5.9)
    pry (0.14.2)
      coderay (~> 1.1)
      method_source (~> 1.0)
    puma (6.3.0)
      nio4r (~> 2.0)
    rack (3.0.8)
    rackup (2.1.0)
      rack (>= 3)
      webrick (~> 1.8)
    sequel (5.71.0)
    sqlite3 (1.6.3)
      mini_portile2 (~> 2.8.0)
    sqlite3 (1.6.3-arm64-darwin)
    webrick (1.8.1)

PLATFORMS
  -darwin-21
  arm64-darwin-21

DEPENDENCIES
  erb
  pry
  puma
  rack
  rackup
  sequel
  sqlite3

BUNDLED WITH
   2.3.17
